GEM
  remote: http://rubygems.org/
  specs:
    iron_core (0.6.2)
      rest (>= 2.2.0)
    iron_worker (3.3.0)
      iron_core (~> 0.5, >= 0.5.1)
      json (~> 1.8, > 1.8.1)
      rest (~> 3.0, >= 3.0.6)
    json (1.8.3)
    net-http-persistent (2.9.4)
    netrc (0.11.0)
    rest (3.0.6)
      net-http-persistent (>= 2.9.1)
      netrc
    slack-notifier (1.5.1)
    slack_webhooks (0.0.11)
      slack-notifier (>= 0.5.1)

PLATFORMS
  ruby

DEPENDENCIES
  iron_worker
  slack_webhooks

BUNDLED WITH
   1.12.3
